PATH
  remote: .
  specs:
    euston-websites (1.0.0)
      activesupport (>= 3.0.10)
      hollywood

GEM
  remote: http://rubygems.org/
  specs:
    activesupport (3.1.1)
      multi_json (~> 1.0)
    awesome_print (0.4.0)
    diff-lcs (1.1.3)
    fuubar (0.0.6)
      rspec (~> 2.0)
      rspec-instafail (~> 0.1.8)
      ruby-progressbar (~> 0.0.10)
    hollywood (1.0.0)
    multi_json (1.0.3)
    rspec (2.6.0)
      rspec-core (~> 2.6.0)
      rspec-expectations (~> 2.6.0)
      rspec-mocks (~> 2.6.0)
    rspec-core (2.6.4)
    rspec-expectations (2.6.0)
      diff-lcs (~> 1.1.2)
    rspec-instafail (0.1.9)
    rspec-mocks (2.6.0)
    ruby-progressbar (0.0.10)

PLATFORMS
  ruby

DEPENDENCIES
  awesome_print (~> 0.4.0)
  euston-websites!
  fuubar (~> 0.0.0)
  rspec (~> 2.6.0)
